GEM
  remote: http://rubygems.org/
  remote: http://gems.github.com/
  specs:
    actionmailer (2.3.11)
      actionpack (= 2.3.11)
    actionpack (2.3.11)
      activesupport (= 2.3.11)
      rack (~> 1.1.0)
    activerecord (2.3.11)
      activesupport (= 2.3.11)
    activeresource (2.3.11)
      activesupport (= 2.3.11)
    activesupport (2.3.11)
    builder (3.0.0)
    cgi_multipart_eof_fix (2.5.0)
    cucumber (0.6.2)
      builder (>= 2.1.2)
      diff-lcs (>= 1.1.2)
      json_pure (>= 1.2.0)
      polyglot (>= 0.2.9)
      term-ansicolor (>= 1.0.4)
      treetop (>= 1.4.2)
    cucumber-rails (0.2.4)
      cucumber (>= 0.6.2)
    database_cleaner (0.2.3)
    diff-lcs (1.1.2)
    faker (0.3.1)
    gem_plugin (0.2.3)
    json_pure (1.5.1)
    machinist (1.0.6)
    mongrel (1.1.5-x86-mswin32)
      cgi_multipart_eof_fix (>= 2.4)
      gem_plugin (>= 0.2.3)
    mysql (2.8.1-x86-mswin32)
    nokogiri (1.4.4.1-x86-mswin32)
    pickle (0.2.1)
    polyglot (0.3.1)
    rack (1.1.2)
    rack-test (0.6.0)
      rack (>= 1.0)
    rails (2.3.11)
      actionmailer (= 2.3.11)
      actionpack (= 2.3.11)
      activerecord (= 2.3.11)
      activeresource (= 2.3.11)
      activesupport (= 2.3.11)
      rake (>= 0.8.3)
    rake (0.8.7)
    rspec (1.2.9)
    rspec-rails (1.2.9)
      rack (>= 1.0.0)
      rspec (>= 1.2.9)
    sqlite3-ruby (1.2.5-x86-mswin32)
    term-ansicolor (1.0.5)
    thoughtbot-shoulda (2.10.0)
    treetop (1.4.9)
      polyglot (>= 0.3.1)
    webrat (0.7.3)
      nokogiri (>= 1.2.0)
      rack (>= 1.0)
      rack-test (>= 0.5.3)

PLATFORMS
  x86-mswin32

DEPENDENCIES
  cucumber (= 0.6.2)
  cucumber-rails (= 0.2.4)
  database_cleaner (= 0.2.3)
  faker (= 0.3.1)
  machinist (= 1.0.6)
  mongrel
  mysql (>= 2.8.1)
  pickle (= 0.2.1)
  rails (= 2.3.11)
  rspec (= 1.2.9)
  rspec-rails (= 1.2.9)
  sqlite3-ruby (= 1.2.5)
  thoughtbot-shoulda (= 2.10.0)
  webrat (>= 0.6.0)
